GEM
  remote: http://rubygems.org/
  specs:
    adsf (1.1.1)
      rack (>= 1.0.0)
    chunky_png (1.2.5)
    compass (0.12.1)
      chunky_png (~> 1.2)
      fssm (>= 0.2.7)
      sass (~> 3.1)
    cri (2.2.1)
    fssm (0.2.9)
    json (1.7.3)
    nanoc (3.3.6)
      cri (~> 2.2)
    rack (1.4.1)
    sass (3.1.18)
    systemu (2.5.0)

PLATFORMS
  ruby

DEPENDENCIES
  adsf
  compass
  json
  nanoc
  systemu
